GEM
  remote: http://rubygems.org/
  specs:
    archive-tar-minitar (0.5.2)
    async-rack (0.5.1)
      rack (~> 1.1)
    backports (2.3.0)
    big_band (0.5.0)
      async-rack (~> 0.5.0)
      haml-more (~> 0.5.0)
      monkey-lib (~> 0.5.0)
      rack-flash (>= 0.1.1)
      sinatra-advanced-routes (~> 0.5.0)
      sinatra-compass (~> 0.5.0)
      sinatra-config-file (~> 0.5.0)
      sinatra-default_charset (>= 0.2.0)
      sinatra-extension (~> 0.5.0)
      sinatra-more-server (~> 0.5.0)
      sinatra-namespace (~> 0.5.0)
      sinatra-reloader (~> 0.5.0)
      sinatra-sugar (~> 0.5.0)
      sinatra-test-helper (~> 0.5.0)
      yard-sinatra (~> 0.5.0)
    chunky_png (1.2.5)
    compass (0.11.5)
      chunky_png (~> 1.2)
      fssm (>= 0.2.7)
      sass (~> 3.1)
    downlow (0.1.4)
      archive-tar-minitar (>= 0.5.2)
      rubyzip (>= 0.9.4)
    fakeweb (1.3.0)
    fssm (0.2.7)
    git (1.2.5)
    haml (3.1.3)
    haml-more (0.5.1)
      haml (>= 2.2.20)
      monkey-lib (~> 0.5.2)
    jeweler (1.6.4)
      bundler (~> 1.0)
      git (>= 1.2.5)
      rake
    jim (0.3.1)
      downlow (~> 0.1.3)
      downlow (~> 0.1.4)
      fakeweb (>= 1.2.8)
      fssm
      fssm (~> 0.2.0)
      jeweler
      leftright
      mocha
      rack-test
      rake
      shoulda
      test-unit
      thor
      thor (~> 0.14.4)
      version_sorter (~> 1.1.0)
      version_sorter (~> 1.1.0)
      yajl-ruby
      yajl-ruby
    leftright (0.9.1)
    metaclass (0.0.1)
    mocha (0.10.0)
      metaclass (~> 0.0.1)
    monkey-lib (0.5.4)
      backports
    rack (1.3.4)
    rack-flash (0.1.2)
      rack
    rack-protection (1.1.4)
      rack
    rack-test (0.6.1)
      rack (>= 1.0)
    rake (0.9.2)
    redis (2.2.2)
    redis-namespace (1.1.0)
      redis (< 3.0.0)
    rubyzip (0.9.4)
    sass (3.1.10)
    shoulda (2.11.3)
    sinatra (1.3.1)
      rack (~> 1.3, >= 1.3.4)
      rack-protection (~> 1.1, >= 1.1.2)
      tilt (~> 1.3, >= 1.3.3)
    sinatra-advanced-routes (0.5.1)
      monkey-lib (~> 0.5.0)
      sinatra (~> 1.0)
      sinatra-sugar (~> 0.5.0)
    sinatra-compass (0.5.0)
      compass (>= 0.8.17)
      haml-more (~> 0.5.0)
      monkey-lib (~> 0.5.0)
      sinatra (~> 1.0)
      sinatra-sugar (~> 0.5.0)
    sinatra-config-file (0.5.0)
      sinatra (~> 1.0)
      sinatra-sugar (~> 0.5.0)
    sinatra-default_charset (0.2.0)
      sinatra (>= 1.0)
    sinatra-extension (0.5.0)
      monkey-lib (~> 0.5.0)
      sinatra (~> 1.0)
      sinatra-sugar (~> 0.5.0)
    sinatra-more-server (0.5.0)
      sinatra (~> 1.0)
    sinatra-namespace (0.5.1)
      monkey-lib (~> 0.5.2)
      sinatra (~> 1.0)
      sinatra-sugar (~> 0.5.0)
    sinatra-reloader (0.5.0)
      sinatra (~> 1.0)
      sinatra-advanced-routes (~> 0.5.0)
    sinatra-sugar (0.5.1)
      monkey-lib (~> 0.5.0)
      sinatra (~> 1.0)
    sinatra-test-helper (0.5.0)
      monkey-lib (~> 0.5.0)
      sinatra (~> 1.0)
      sinatra-sugar (~> 0.5.0)
    test-unit (2.4.0)
    thor (0.14.6)
    tilt (1.3.3)
    version_sorter (1.1.0)
    yajl-ruby (1.0.0)
    yard (0.6.8)
    yard-sinatra (0.5.1)
      yard (~> 0.6.0)

PLATFORMS
  ruby

DEPENDENCIES
  big_band
  compass
  jim
  redis
  redis-namespace
  sinatra
